GEM
  remote: http://rubygems.org/
  specs:
    builder (3.2.2)
    httparty (0.13.3)
      json (~> 1.8)
      multi_xml (>= 0.5.2)
    json (1.8.2)
    mini_portile (0.6.2)
    multi_xml (0.5.5)
    nokogiri (1.6.6.2)
      mini_portile (~> 0.6.0)
    rack (1.5.2)
    rack-protection (1.5.3)
      rack
    ruby_kml (0.1.7)
      builder
      nokogiri
    sinatra (1.4.5)
      rack (~> 1.4)
      rack-protection (~> 1.4)
      tilt (~> 1.3, >= 1.3.4)
    tilt (1.4.1)
    travlrmap (1.5.1)
      httparty (~> 0.13)
      json (~> 1.8)
      nokogiri (~> 1.6)
      rack (= 1.5.2)
      ruby_kml (~> 0.1)
      sinatra (~> 1.4)

PLATFORMS
  ruby

DEPENDENCIES
  json
  travlrmap (= 1.5.1)
